PATH
  remote: .
  specs:
    just_share (1.0.2)
      colorize (~> 0.7.3, >= 0.7.3)
      multi_json (~> 1.10, >= 1.10.1)
      rest-client (~> 1.7, >= 1.7.2)

GEM
  remote: https://rubygems.org/
  specs:
    colorize (0.7.5)
    diff-lcs (1.2.5)
    docile (1.1.5)
    faker (1.4.3)
      i18n (~> 0.5)
    i18n (0.6.11)
    mime-types (2.4.3)
    multi_json (1.10.1)
    netrc (0.10.2)
    rake (10.4.2)
    rest-client (1.7.2)
      mime-types (>= 1.16, < 3.0)
      netrc (~> 0.7)
    rspec (3.1.0)
      rspec-core (~> 3.1.0)
      rspec-expectations (~> 3.1.0)
      rspec-mocks (~> 3.1.0)
    rspec-core (3.1.7)
      rspec-support (~> 3.1.0)
    rspec-expectations (3.1.2)
      diff-lcs (>= 1.2.0, < 2.0)
      rspec-support (~> 3.1.0)
    rspec-mocks (3.1.3)
      rspec-support (~> 3.1.0)
    rspec-support (3.1.2)
    simplecov (0.9.1)
      docile (~> 1.1.0)
      multi_json (~> 1.0)
      simplecov-html (~> 0.8.0)
    simplecov-html (0.8.0)

PLATFORMS
  ruby

DEPENDENCIES
  bundler (~> 1.6)
  faker (~> 1.4, >= 1.4.2)
  just_share!
  rake (~> 10.3, >= 10.3.2)
  rspec (~> 3.1, >= 3.1.0)
  simplecov (~> 0.7, >= 0.7.1)
